PATH
  remote: .
  specs:
    assisted_workflow (0.4.0)
      hashie (~> 2.0.5)
<<<<<<< HEAD
      jiralicious (~> 0.4.0)
      octokit (~> 2.0)
      thor (~> 0.19)
      tracker_api (~> 0.2.0)
=======
      jiralicious (~> 0.5.0)
      octokit (~> 3.3)
      pivotal-tracker (~> 0.5.12)
      thor (~> 0.19.1)
>>>>>>> dependencies update

GEM
  remote: https://rubygems.org/
  specs:
<<<<<<< HEAD
    activemodel (4.2.1)
      activesupport (= 4.2.1)
      builder (~> 3.1)
    activesupport (4.2.1)
      i18n (~> 0.7)
      json (~> 1.7, >= 1.7.7)
      minitest (~> 5.1)
      thread_safe (~> 0.3, >= 0.3.4)
      tzinfo (~> 1.1)
    addressable (2.3.8)
    axiom-types (0.1.1)
      descendants_tracker (~> 0.0.4)
      ice_nine (~> 0.11.0)
      thread_safe (~> 0.3, >= 0.3.1)
=======
    addressable (2.3.6)
>>>>>>> dependencies update
    builder (3.2.2)
    coercible (1.0.0)
      descendants_tracker (~> 0.0.1)
    coveralls (0.8.19)
      json (>= 1.8, < 3)
      simplecov (~> 0.12.0)
      term-ansicolor (~> 1.3)
      thor (~> 0.19.1)
      tins (~> 1.6)
    crack (0.1.8)
<<<<<<< HEAD
    descendants_tracker (0.0.4)
      thread_safe (~> 0.3, >= 0.3.1)
    docile (1.1.5)
    equalizer (0.0.11)
    excon (0.45.3)
    fakefs (0.6.7)
    faraday (0.9.1)
=======
    fakefs (0.5.2)
    faraday (0.9.0)
>>>>>>> dependencies update
      multipart-post (>= 1.2, < 3)
    faraday_middleware (0.9.1)
      faraday (>= 0.7.4, < 0.10)
    hashie (2.0.5)
    httparty (0.13.5)
      json (~> 1.8)
      multi_xml (>= 0.5.2)
<<<<<<< HEAD
    i18n (0.7.0)
    ice_nine (0.11.1)
    jiralicious (0.4.3)
      crack (~> 0.1.8)
      hashie (>= 1.1)
      httparty (>= 0.10)
      json (>= 1.6, < 1.9.0)
      nokogiri
      oauth
    json (1.8.2)
    mini_portile (0.6.2)
    minitest (5.7.0)
    multi_xml (0.5.5)
    multipart-post (2.0.0)
    nokogiri (1.6.6.2)
      mini_portile (~> 0.6.0)
    oauth (0.4.7)
    octokit (2.7.2)
      sawyer (~> 0.5.2)
    rake (10.4.2)
=======
    jiralicious (0.5.0)
      crack (~> 0.1.8)
      hashie (>= 1.1, < 3.0.0)
      httparty (>= 0.10, < 0.12.0)
      json (>= 1.6, < 1.9.0)
      nokogiri (< 1.6)
      oauth
    json (1.8.1)
    libxml-ruby (2.7.0)
    mime-types (1.25.1)
    multi_json (1.10.1)
    multi_xml (0.5.5)
    multipart-post (2.0.0)
    nokogiri (1.5.11)
    nokogiri-happymapper (0.5.9)
      nokogiri (~> 1.5)
    oauth (0.4.7)
    octokit (3.3.1)
      sawyer (~> 0.5.3)
    pivotal-tracker (0.5.12)
      builder
      builder
      crack
      happymapper (>= 0.3.2)
      nokogiri (>= 1.4.3)
      nokogiri (>= 1.5.5)
      nokogiri-happymapper (>= 0.5.4)
      rest-client (~> 1.6.0)
      rest-client (~> 1.6.0)
    rake (10.3.2)
    rdoc (4.1.1)
      json (~> 1.4)
    rest-client (1.6.8)
      mime-types (~> 1.16)
      rdoc (>= 2.4.2)
>>>>>>> dependencies update
    rr (1.1.2)
    sawyer (0.5.5)
      addressable (~> 2.3.5)
      faraday (~> 0.8, < 0.10)
    simplecov (0.12.0)
      docile (~> 1.1.0)
      json (>= 1.8, < 3)
      simplecov-html (~> 0.10.0)
    simplecov-html (0.10.1)
    term-ansicolor (1.6.0)
      tins (~> 1.0)
    thor (0.19.1)
<<<<<<< HEAD
    thread_safe (0.3.5)
    tins (1.15.0)
    tracker_api (0.2.9)
      activemodel
      activesupport
      addressable
      excon
      faraday (~> 0.9.0)
      faraday_middleware
      virtus
    tzinfo (1.2.2)
      thread_safe (~> 0.1)
    virtus (1.0.5)
      axiom-types (~> 0.1)
      coercible (~> 1.0)
      descendants_tracker (~> 0.0, >= 0.0.3)
      equalizer (~> 0.0, >= 0.0.9)
=======
>>>>>>> dependencies update

PLATFORMS
  ruby

DEPENDENCIES
  assisted_workflow!
  coveralls
  fakefs
  minitest
  rake
  rr

BUNDLED WITH
   1.10.6
